GEM
  remote: https://rubygems.org/
  specs:
    coderay (1.1.2)
    method_source (0.9.2)
    oedipus_lex (2.5.1)
    pry (0.12.2)
      coderay (~> 1.1.0)
      method_source (~> 0.9.0)
    pry-nav (0.3.0)
      pry (>= 0.9.10, < 0.13.0)
    racc (1.5.0)

PLATFORMS
  ruby

DEPENDENCIES
  oedipus_lex
  pry
  pry-nav
  racc

BUNDLED WITH
   2.0.1
